GEM
  remote: http://rubygems.org/
  specs:
    capybara (2.0.3)
      mime-types (>= 1.16)
      nokogiri (>= 1.3.3)
      rack (>= 1.0.0)
      rack-test (>= 0.5.4)
      selenium-webdriver (~> 2.0)
      xpath (~> 1.0.0)
    capybara-webkit (0.14.2)
      capybara (~> 2.0, >= 2.0.2)
      json
    childprocess (0.3.9)
      ffi (~> 1.0, >= 1.0.11)
    coderay (1.0.9)
    diff-lcs (1.1.3)
    eventmachine (1.0.3)
    faye-websocket (0.4.7)
      eventmachine (>= 0.12.0)
    ffi (1.6.0)
    guard (1.6.2)
      listen (>= 0.6.0)
      lumberjack (>= 1.0.2)
      pry (>= 0.9.10)
      terminal-table (>= 1.4.3)
      thor (>= 0.14.6)
    guard-bundler (1.0.0)
      bundler (~> 1.0)
      guard (~> 1.1)
    guard-rspec (2.4.1)
      guard (>= 1.1)
      rspec (~> 2.11)
    headless (1.0.1)
    http_parser.rb (0.5.3)
    json (1.7.7)
    libnotify (0.8.0)
      ffi (>= 1.0.11)
    listen (0.7.2)
    lumberjack (1.0.2)
    method_source (0.8.1)
    mime-types (1.22)
    multi_json (1.7.2)
    nokogiri (1.5.9)
    poltergeist (1.1.0)
      capybara (~> 2.0, >= 2.0.1)
      faye-websocket (~> 0.4, >= 0.4.4)
      http_parser.rb (~> 0.5.3)
    pry (0.9.12)
      coderay (~> 1.0.5)
      method_source (~> 0.8)
      slop (~> 3.4)
    rack (1.6.13)
    rack-test (0.6.2)
      rack (>= 1.0)
    rb-fsevent (0.9.3)
    rspec (2.12.0)
      rspec-core (~> 2.12.0)
      rspec-expectations (~> 2.12.0)
      rspec-mocks (~> 2.12.0)
    rspec-core (2.12.2)
    rspec-expectations (2.12.1)
      diff-lcs (~> 1.1.3)
    rspec-mocks (2.12.2)
    rubyzip (0.9.9)
    selenium-webdriver (2.31.0)
      childprocess (>= 0.2.5)
      multi_json (~> 1.0)
      rubyzip
      websocket (~> 1.0.4)
    slop (3.4.3)
    terminal-table (1.4.5)
    thor (0.17.0)
    websocket (1.0.7)
    xpath (1.0.0)
      nokogiri (~> 1.3)

PLATFORMS
  ruby

DEPENDENCIES
  capybara (~> 2.0)
  capybara-webkit (~> 0.14)
  guard-bundler
  guard-rspec
  headless
  libnotify
  mime-types
  poltergeist (~> 1.1)
  pry
  rb-fsevent (~> 0.9.1)
  rspec
  selenium-webdriver (~> 2.0)
